GEM
  remote: https://rubygems.org/
  specs:
    colorize (0.8.1)
    tty-screen (0.7.1)

PLATFORMS
  ruby
  x64-mingw32

DEPENDENCIES
  colorize (~> 0.8.1)
  tty-screen

BUNDLED WITH
   2.1.4
